PATH
  remote: .
  specs:
    giocopro (0.0.8)

GEM
  remote: https://rubygems.org/
  specs:

PLATFORMS
  ruby

DEPENDENCIES
  giocopro!
